GEM
  remote: https://rubygems.org/
  specs:
    bigdecimal (3.1.4)
    diff-lcs (1.5.0)
    nio4r (2.5.9)
    pg (1.5.4)
    puma (6.3.1)
      nio4r (~> 2.0)
    rack (3.0.8)
    rack-app (9.0.0)
      rack (>= 3.0.0)
      rackup
    rackup (2.1.0)
      rack (>= 3)
      webrick (~> 1.8)
    rspec (3.12.0)
      rspec-core (~> 3.12.0)
      rspec-expectations (~> 3.12.0)
      rspec-mocks (~> 3.12.0)
    rspec-core (3.12.2)
      rspec-support (~> 3.12.0)
    rspec-expectations (3.12.3)
      diff-lcs (>= 1.2.0, < 2.0)
      rspec-support (~> 3.12.0)
    rspec-mocks (3.12.6)
      diff-lcs (>= 1.2.0, < 2.0)
      rspec-support (~> 3.12.0)
    rspec-support (3.12.1)
    sequel (5.72.0)
      bigdecimal
    webrick (1.8.1)

PLATFORMS
  x86_64-linux

DEPENDENCIES
  pg
  puma
  rack-app
  rspec
  rspec-expectations
  sequel

BUNDLED WITH
   2.4.19
